PATH
  remote: .
  specs:
    xcres (0.5.0)
      activesupport (>= 3.2.15, < 4)
      clamp (~> 0.6.3)
      colored (~> 1.2)
      xcodeproj (>= 0.28.2, < 1.1.0)

GEM
  remote: https://rubygems.org/
  specs:
    activesupport (3.2.22.1)
      i18n (~> 0.6, >= 0.6.4)
      multi_json (~> 1.0)
    ast (2.2.0)
    bacon (1.2.0)
    claide (0.9.1)
    clamp (0.6.5)
    clintegracon (0.8.1)
      colored (~> 1.2)
      diffy
    coderay (1.1.0)
    colored (1.2)
    diffy (3.1.0)
    i18n (0.7.0)
    inch (0.7.0)
      pry
      sparkr (>= 0.2.0)
      term-ansicolor
      yard (~> 0.8.7.5)
    metaclass (0.0.4)
    method_source (0.8.2)
    mocha (1.1.0)
      metaclass (~> 0.0.1)
    mocha-on-bacon (0.2.2)
      mocha (>= 0.13.0)
    multi_json (1.11.2)
    parser (2.3.0.3)
      ast (~> 2.2)
    powerpack (0.1.1)
    prettybacon (0.0.2)
      bacon (~> 1.2)
    pry (0.10.3)
      coderay (~> 1.1.0)
      method_source (~> 0.8.1)
      slop (~> 3.4)
    psych (2.0.17)
    rainbow (2.1.0)
    rake (10.5.0)
    rubocop (0.37.0)
      parser (>= 2.3.0.2, < 3.0)
      powerpack (~> 0.1)
      rainbow (>= 1.99.1, < 3.0)
      ruby-progressbar (~> 1.7)
      unicode-display_width (~> 0.3)
    ruby-progressbar (1.7.5)
    slop (3.6.0)
    sparkr (0.4.1)
    term-ansicolor (1.3.2)
      tins (~> 1.0)
    tins (1.8.2)
    unicode-display_width (0.3.1)
    xcodeproj (0.28.2)
      activesupport (>= 3)
      claide (~> 0.9.1)
      colored (~> 1.2)
    yard (0.8.7.6)

PLATFORMS
  ruby

DEPENDENCIES
  bacon (~> 1.1)
  bundler (~> 1.3)
  clintegracon
  inch
  mocha
  mocha-on-bacon
  prettybacon
  psych
  rake
  rubocop
  xcres!

BUNDLED WITH
   1.11.2
